GEM
  remote: https://rubygems.org/
  specs:
    cheminee (0.1.48)
      faraday (>= 1.0.1, < 3.0)
      faraday-multipart
      marcel
    faraday (2.12.2)
      faraday-net_http (>= 2.0, < 3.5)
      json
      logger
    faraday-multipart (1.1.0)
      multipart-post (~> 2.0)
    faraday-net_http (3.4.0)
      net-http (>= 0.5.0)
    json (2.9.1)
    logger (1.6.4)
    marcel (1.0.4)
    multipart-post (2.4.1)
    net-http (0.6.0)
      uri
    uri (1.0.2)

PLATFORMS
  arm64-darwin-22
  arm64-darwin-23

DEPENDENCIES
  cheminee

BUNDLED WITH
   2.4.13
