GEM
  remote: https://rubygems.org/
  specs:
    cheminee (0.1.6)
      typhoeus (~> 1.0, >= 1.0.1)
    ethon (0.16.0)
      ffi (>= 1.15.0)
    ffi (1.16.3)
    typhoeus (1.4.0)
      ethon (>= 0.9.0)

PLATFORMS
  arm64-darwin-22

DEPENDENCIES
  cheminee

BUNDLED WITH
   2.4.13
